GEM
  remote: https://rubygems.org/
  specs:
    activemodel (4.2.1)
      activesupport (= 4.2.1)
      builder (~> 3.1)
    activerecord (4.2.1)
      activemodel (= 4.2.1)
      activesupport (= 4.2.1)
      arel (~> 6.0)
    activesupport (4.2.1)
      i18n (~> 0.7)
      json (~> 1.7, >= 1.7.7)
      minitest (~> 5.1)
      thread_safe (~> 0.3, >= 0.3.4)
      tzinfo (~> 1.1)
    arel (6.0.0)
    builder (3.2.2)
    chronic (0.10.2)
    i18n (0.7.0)
    json (1.8.2)
    map (6.5.5)
    minitest (5.5.1)
    rack (1.6.0)
    rack-protection (1.5.3)
      rack
    rufus-scheduler (3.1.2)
    sinatra (1.4.6)
      rack (~> 1.4)
      rack-protection (~> 1.4)
      tilt (>= 1.3, < 3)
    sqlite3 (1.3.10)
    thread_safe (0.3.5)
    tilt (2.0.1)
    tts (0.5.0)
    tzinfo (1.2.2)
      thread_safe (~> 0.1)
    weather-api (1.1.1)
      chronic (~> 0.10.2)
      map (~> 6.5.1)

PLATFORMS
  ruby

DEPENDENCIES
  activerecord
  rufus-scheduler (~> 3.1.1)
  sinatra
  sqlite3
  tts (~> 0.5.0)
  weather-api
